GEM
  remote: https://rubygems.org/
  specs:
    coderay (1.1.2)
    dogapi (1.32.0)
      multi_json
    json (2.1.0)
    logger (1.2.8)
    method_source (0.9.0)
    multi_json (1.13.1)
    pry (0.11.3)
      coderay (~> 1.1.0)
      method_source (~> 0.9.0)

PLATFORMS
  ruby

DEPENDENCIES
  dogapi (~> 1.32.0)
  json
  logger
  pry

BUNDLED WITH
   1.17.1
